GEM
  remote: http://rubygems.org/
  specs:
    addressable (2.5.2)
      public_suffix (>= 2.0.2, < 4.0)
    concurrent-ruby (1.1.8)
    dotenv (2.5.0)
    faraday (0.15.3)
      multipart-post (>= 1.2, < 3)
    hitimes (1.3.1)
    http_tools (0.4.5)
    httparty (0.18.1)
      mime-types (~> 3.0)
      multi_xml (>= 0.5.2)
    jwt (2.1.0)
    ld-eventsource (1.0.3)
      concurrent-ruby (~> 1.0)
      http_tools (~> 0.4.5)
      socketry (~> 0.5.1)
    mime-types (3.3.1)
      mime-types-data (~> 3.2015)
    mime-types-data (3.2021.0212)
    multi_xml (0.6.0)
    multipart-post (2.0.0)
    mustermann (1.0.3)
    octokit (4.13.0)
      sawyer (~> 0.8.0, >= 0.5.3)
    public_suffix (3.0.3)
    rack (2.2.2)
    rack-protection (2.0.4)
      rack
    sawyer (0.8.1)
      addressable (>= 2.3.5, < 2.6)
      faraday (~> 0.8, < 1.0)
    sinatra (2.0.4)
      mustermann (~> 1.0)
      rack (~> 2.0)
      rack-protection (= 2.0.4)
      tilt (~> 2.0)
    smee (0.0.2)
      httparty (~> 0.18.0)
      ld-eventsource (~> 1.0)
    socketry (0.5.1)
      hitimes (~> 1.2)
    tilt (2.0.8)

PLATFORMS
  ruby

DEPENDENCIES
  dotenv
  jwt (~> 2.1)
  octokit (~> 4.0)
  sinatra (~> 2.0)
  smee

BUNDLED WITH
   1.17.1
